GEM
  remote: https://rubygems.org/
  specs:
    actionmailer (2.3.18)
      actionpack (= 2.3.18)
    actionpack (2.3.18)
      activesupport (= 2.3.18)
      rack (~> 1.1.0)
    activerecord (2.3.18)
      activesupport (= 2.3.18)
    activeresource (2.3.18)
      activesupport (= 2.3.18)
    activesupport (2.3.18)
    declarative_authorization (0.5.7)
    fattr (2.2.1)
    hoe (3.5.2)
      rake (>= 0.8, < 11.0)
    i18n (0.4.2)
    json (1.6.8)
    kgio (2.8.0)
    pg (0.15.0)
    rack (1.1.6)
    rails (2.3.18)
      actionmailer (= 2.3.18)
      actionpack (= 2.3.18)
      activerecord (= 2.3.18)
      activeresource (= 2.3.18)
      activesupport (= 2.3.18)
      rake (>= 0.8.3)
    raindrops (0.10.0)
    rake (10.0.4)
    rdoc (3.12.2)
      json (~> 1.4)
    rspec (1.3.2)
    rspec-rails (1.3.4)
      rack (>= 1.0.0)
      rspec (~> 1.3.1)
    rush (0.6.8)
      session
    session (3.1.0)
      fattr
    test-unit (1.2.3)
      hoe (>= 1.5.1)
    unicorn (4.6.2)
      kgio (~> 2.6)
      rack
      raindrops (~> 0.7)
    wicked_pdf (0.9.4)
      rails

PLATFORMS
  ruby

DEPENDENCIES
  declarative_authorization
  i18n (~> 0.4.0)
  pg
  rails (~> 2.3.18)
  rdoc
  rspec-rails (~> 1.3.4)
  rush
  test-unit (= 1.2.3)
  unicorn
  wicked_pdf
